GEM
  remote: http://rubygems.org/
  specs:
    diff-lcs (1.1.2)
    emk-sinatra-url-for (0.2.1)
      sinatra (>= 0.9.1.1)
    factory_girl (1.3.3)
    faraday (0.8.5)
      multipart-post (~> 1.1)
    mocha (0.9.12)
    multi_json (1.5.0)
    multipart-post (1.1.5)
    rack (1.5.1)
    rack-protection (1.2.0)
      rack
    rspec (2.6.0)
      rspec-core (~> 2.6.0)
      rspec-expectations (~> 2.6.0)
      rspec-mocks (~> 2.6.0)
    rspec-core (2.6.3)
    rspec-expectations (2.6.0)
      diff-lcs (~> 1.1.2)
    rspec-mocks (2.6.0)
    simple_oauth (0.2.0)
    sinatra (1.3.2)
      rack (~> 1.3, >= 1.3.6)
      rack-protection (~> 1.2)
      tilt (~> 1.3, >= 1.3.3)
    sinatra-static-assets (0.5.0)
      emk-sinatra-url-for (>= 0.2.1)
      rack (>= 1.0.0)
      sinatra (>= 0.9.1)
    tilt (1.3.3)
    twitter (4.5.0)
      faraday (~> 0.8, < 0.10)
      multi_json (~> 1.0)
      simple_oauth (~> 0.2)

PLATFORMS
  ruby

DEPENDENCIES
  factory_girl
  mocha
  rspec
  sinatra
  sinatra-static-assets
  twitter
