GEM
  remote: http://rubygems.org/
  specs:
    addressable (2.2.6)
    capistrano (2.12.0)
      highline
      net-scp (>= 1.0.0)
      net-sftp (>= 2.0.0)
      net-ssh (>= 2.0.14)
      net-ssh-gateway (>= 1.1.0)
    capistrano-ext (1.2.1)
      capistrano (>= 1.0.0)
    diff-lcs (1.1.2)
    emk-sinatra-url-for (0.2.1)
      sinatra (>= 0.9.1.1)
    factory_girl (1.3.3)
    faraday (0.6.1)
      addressable (~> 2.2.4)
      multipart-post (~> 1.1.0)
      rack (>= 1.1.0, < 2)
    faraday_middleware (0.6.3)
      faraday (~> 0.6.0)
    hashie (1.0.0)
    highline (1.6.13)
    mocha (0.9.12)
    multi_json (0.0.5)
    multi_xml (0.2.2)
    multipart-post (1.1.2)
    net-scp (1.0.4)
      net-ssh (>= 1.99.1)
    net-sftp (2.0.5)
      net-ssh (>= 2.0.9)
    net-ssh (2.5.2)
    net-ssh-gateway (1.1.0)
      net-ssh (>= 1.99.1)
    rack (1.4.1)
    rack-protection (1.2.0)
      rack
    rash (0.3.0)
      hashie (~> 1.0.0)
    rspec (2.6.0)
      rspec-core (~> 2.6.0)
      rspec-expectations (~> 2.6.0)
      rspec-mocks (~> 2.6.0)
    rspec-core (2.6.3)
    rspec-expectations (2.6.0)
      diff-lcs (~> 1.1.2)
    rspec-mocks (2.6.0)
    simple_oauth (0.1.5)
    sinatra (1.3.2)
      rack (~> 1.3, >= 1.3.6)
      rack-protection (~> 1.2)
      tilt (~> 1.3, >= 1.3.3)
    sinatra-static-assets (0.5.0)
      emk-sinatra-url-for (>= 0.2.1)
      rack (>= 1.0.0)
      sinatra (>= 0.9.1)
    tilt (1.3.3)
    twitter (1.4.0)
      faraday (~> 0.6.1)
      faraday_middleware (~> 0.6.3)
      hashie (~> 1.0.0)
      multi_json (~> 0.0.5)
      multi_xml (~> 0.2.0)
      rash (~> 0.3.0)
      simple_oauth (~> 0.1.4)

PLATFORMS
  ruby

DEPENDENCIES
  capistrano
  capistrano-ext
  factory_girl
  mocha
  rspec
  sinatra
  sinatra-static-assets
  twitter
